GEM
  remote: http://rubygems.org/
  specs:
    json_pure (1.5.3)
    minitest (2.5.0)
    rack (1.6.13)
    sinatra (1.2.6)
      rack (~> 1.1)
      tilt (>= 1.2.2, < 2.0)
    tilt (1.3.3)

PLATFORMS
  ruby

DEPENDENCIES
  json_pure
  minitest
  sinatra
